GEM
  remote: https://rubygems.org/
  specs:
    dnsdeploy (0.0.4)
      dnsimple-ruby (~> 1.5)
    dnsimple-ruby (1.7.1)
      httparty (~> 0.12)
    httparty (0.13.3)
      json (~> 1.8)
      multi_xml (>= 0.5.2)
    json (1.8.1)
    multi_xml (0.5.5)

PLATFORMS
  ruby

DEPENDENCIES
  dnsdeploy
